PATH
  remote: .
  specs:
<<<<<<< HEAD
    pave (0.5.0)
=======
<<<<<<< HEAD
    pave (0.5.0)
=======
    pave (0.4.1)
>>>>>>> 9449397... working on theme:create
>>>>>>> dd5d125daaef617b7ffbf90c09596137b16493c6
      commander (~> 4.1.5)

GEM
  remote: https://rubygems.org/
  specs:
    commander (4.1.5)
      highline (~> 1.6.11)
    highline (1.6.20)
    json (1.8.0)
    rake (0.9.6)
    rdoc (4.0.1)
      json (~> 1.4)

PLATFORMS
  ruby

DEPENDENCIES
  bundler (~> 1.3)
  pave!
  rake (~> 0.9.2)
  rdoc
