PATH
  remote: .
  specs:
    pave (0.12.1)
      commander (~> 4.1)

GEM
  remote: https://rubygems.org/
  specs:
    commander (4.2.0)
      highline (~> 1.6.11)
    diff-lcs (1.2.5)
    highline (1.6.21)
    rake (10.1.1)
    rdoc (4.1.0)
    rspec (2.14.1)
      rspec-core (~> 2.14.0)
      rspec-expectations (~> 2.14.0)
      rspec-mocks (~> 2.14.0)
    rspec-core (2.14.7)
    rspec-expectations (2.14.4)
      diff-lcs (>= 1.1.3, < 2.0)
    rspec-mocks (2.14.4)

PLATFORMS
  ruby

DEPENDENCIES
  bundler (~> 1.3)
  pave!
  rake (~> 10.1)
  rdoc (~> 4.1)
  rspec (~> 2)
