PATH
  remote: .
  specs:
    pave (0.0.1)
      methadone (~> 1.3.0)

GEM
  remote: https://rubygems.org/
  specs:
    json (1.8.0)
    methadone (1.3.0)
      bundler
    rake (0.9.6)
    rdoc (4.0.1)
      json (~> 1.4)

PLATFORMS
  ruby

DEPENDENCIES
  bundler (~> 1.3)
  pave!
  rake (~> 0.9.2)
  rdoc
